PATH
  remote: ../..
  specs:
    committee (5.0.0.beta1)
      json_schema (~> 0.14, >= 0.14.3)
      openapi_parser (~> 2.0)
      rack (>= 1.5)

GEM
  remote: https://rubygems.org/
  specs:
    json_schema (0.21.0)
    mustermann (2.0.2)
      ruby2_keywords (~> 0.0.1)
    openapi_parser (2.0.0)
    rack (2.2.8.1)
    rack-protection (2.2.3)
      rack
    ruby2_keywords (0.0.5)
    sinatra (2.2.3)
      mustermann (~> 2.0)
      rack (~> 2.2)
      rack-protection (= 2.2.3)
      tilt (~> 2.0)
    tilt (2.0.11)

PLATFORMS
  ruby

DEPENDENCIES
  committee!
  sinatra

BUNDLED WITH
   2.1.4
