PATH
  remote: ../..
  specs:
    committee (5.0.0.beta1)
      json_schema (~> 0.14, >= 0.14.3)
      openapi_parser (~> 2.0)
      rack (>= 1.5)

GEM
  remote: https://rubygems.org/
  specs:
    byebug (11.1.3)
    json_schema (0.21.0)
    mustermann (3.0.0)
      ruby2_keywords (~> 0.0.1)
    openapi_parser (2.0.0)
    rack (2.2.8.1)
    rack-protection (3.0.5)
      rack
    ruby2_keywords (0.0.5)
    sinatra (3.0.5)
      mustermann (~> 3.0)
      rack (~> 2.2, >= 2.2.4)
      rack-protection (= 3.0.5)
      tilt (~> 2.0)
    tilt (2.0.11)
    webrick (1.8.1)

PLATFORMS
  ruby

DEPENDENCIES
  byebug
  committee!
  sinatra
  webrick

BUNDLED WITH
   2.4.5
